GEM
  remote: https://rubygems.org/
  specs:
    Rwebserver (0.0.3)
    haml (3.1.7)
    jt-partial (1.0.3)
    moode-haml-component-angular (0.0.3)
    moode-haml-toolkit (1.1.6)
    thor (0.18.1)

PLATFORMS
  ruby

DEPENDENCIES
  Rwebserver
  haml
  jt-partial (= 1.0.3)
  moode-haml-component-angular (= 0.0.3)
  moode-haml-toolkit (= 1.1.6)
  thor
